GEM
  remote: http://rubygems.org/
  specs:
    coderay (1.0.8)
    guard (1.5.4)
      listen (>= 0.4.2)
      lumberjack (>= 1.0.2)
      pry (>= 0.9.10)
      thor (>= 0.14.6)
    guard-shell (0.5.1)
      guard (>= 1.1.0)
    listen (0.5.3)
    lumberjack (1.0.2)
    method_source (0.8.1)
    pry (0.9.10)
      coderay (~> 1.0.5)
      method_source (~> 0.8)
      slop (~> 3.3.1)
    rake (0.9.2.2)
    rdiscount (1.6.8)
    sass (3.1.20)
    slim (1.2.2)
      temple (~> 0.4.0)
      tilt (~> 1.3.3)
    slop (3.3.3)
    temple (0.4.0)
    thor (0.16.0)
    tilt (1.3.3)

PLATFORMS
  ruby

DEPENDENCIES
  guard
  guard-shell
  rake
  rdiscount
  sass
  slim
